PATH
  remote: .
  specs:
    beaconpush (0.0.3)

GEM
  remote: http://rubygems.org/
  specs:

PLATFORMS
  ruby

DEPENDENCIES
  beaconpush!
